GIT
  remote: git://github.com/carrierwaveuploader/carrierwave.git
  revision: f64f499d73f22ae6c8ce8daf0921d7b84799ae83
  specs:
    carrierwave (1.2.2)
      activemodel (>= 4.0.0)
      activesupport (>= 4.0.0)
      mime-types (>= 1.16)

GIT
  remote: git://github.com/sorentwo/carrierwave-aws.git
  revision: eb46f231410509d55509dd73961b48460fd8f305
  specs:
    carrierwave-aws (1.3.0)
      aws-sdk-s3 (~> 1.0)
      carrierwave (>= 0.7, < 2.0)

GEM
  remote: https://rubygems.org/
  specs:
    activemodel (5.1.5)
      activesupport (= 5.1.5)
    activesupport (5.1.5)
      concurrent-ruby (~> 1.0, >= 1.0.2)
      i18n (~> 0.7)
      minitest (~> 5.1)
      tzinfo (~> 1.1)
    aws-partitions (1.70.0)
    aws-sdk-core (3.17.0)
      aws-partitions (~> 1.0)
      aws-sigv4 (~> 1.0)
      jmespath (~> 1.0)
    aws-sdk-kms (1.5.0)
      aws-sdk-core (~> 3)
      aws-sigv4 (~> 1.0)
    aws-sdk-s3 (1.8.2)
      aws-sdk-core (~> 3)
      aws-sdk-kms (~> 1)
      aws-sigv4 (~> 1.0)
    aws-sigv4 (1.0.2)
    carrierwave-mimetype-fu (0.0.2)
      carrierwave
      mimetype-fu
    carrierwave-sequel (0.1.1)
      carrierwave
      sequel
    concurrent-ruby (1.0.5)
    daemons (1.2.6)
    eventmachine (1.2.5)
    i18n (0.9.5)
      concurrent-ruby (~> 1.0)
    jmespath (1.3.1)
    json (2.1.0)
    logger (1.2.8)
    mime-types (3.1)
      mime-types-data (~> 3.2015)
    mime-types-data (3.2016.0521)
    mimetype-fu (0.1.2)
    minitest (5.11.3)
    pg (1.0.0)
    rack (2.0.4)
    rack-protection (2.0.1)
      rack
    rack_csrf (2.6.0)
      rack (>= 1.1.0)
    roda (3.5.0)
      rack
    sequel (5.6.0)
    slim (3.0.9)
      temple (>= 0.7.6, < 0.9)
      tilt (>= 1.3.3, < 2.1)
    sqlite3 (1.3.13)
    temple (0.8.0)
    thin (1.7.2)
      daemons (~> 1.0, >= 1.0.9)
      eventmachine (~> 1.0, >= 1.0.4)
      rack (>= 1, < 3)
    thread_safe (0.3.6)
    tilt (2.0.8)
    tzinfo (1.2.5)
      thread_safe (~> 0.1)

PLATFORMS
  ruby

DEPENDENCIES
  carrierwave!
  carrierwave-aws!
  carrierwave-mimetype-fu
  carrierwave-sequel
  json
  logger
  pg
  rack
  rack-protection
  rack_csrf
  roda
  sequel
  slim
  sqlite3
  thin

BUNDLED WITH
   1.16.1
