GEM
  remote: https://rubygems.org/
  specs:
    daemons (1.2.6)
    eventmachine (1.2.5)
    ffaker (2.8.1)
    json (2.1.0)
    rack (2.0.4)
    roda (3.5.0)
      rack
    sequel (5.6.0)
    thin (1.7.2)
      daemons (~> 1.0, >= 1.0.9)
      eventmachine (~> 1.0, >= 1.0.4)
      rack (>= 1, < 3)

PLATFORMS
  ruby

DEPENDENCIES
  ffaker
  json
  rack
  roda
  sequel
  thin

BUNDLED WITH
   1.16.1
